PATH
  remote: .
  specs:
    sohel_view_tool (0.1.0)

GEM
  remote: https://rubygems.org/
  specs:
    rake (10.5.0)

PLATFORMS
  ruby

DEPENDENCIES
  bundler (~> 1.17)
  rake (~> 10.0)
  sohel_view_tool!

BUNDLED WITH
   1.17.1
